GEM
  remote: https://rubygems.org/
  specs:
    byebug (10.0.2)
    colorize (0.8.1)
    diff-lcs (1.3)
    rspec (3.8.0)
      rspec-core (~> 3.8.0)
      rspec-expectations (~> 3.8.0)
      rspec-mocks (~> 3.8.0)
    rspec-core (3.8.0)
      rspec-support (~> 3.8.0)
    rspec-expectations (3.8.2)
      diff-lcs (>= 1.2.0, < 2.0)
      rspec-support (~> 3.8.0)
    rspec-mocks (3.8.0)
      diff-lcs (>= 1.2.0, < 2.0)
      rspec-support (~> 3.8.0)
    rspec-support (3.8.0)

PLATFORMS
  ruby

DEPENDENCIES
  byebug
  colorize
  rspec

BUNDLED WITH
<<<<<<< HEAD
   2.0.1
=======
<<<<<<< HEAD
   1.17.2
=======
   1.17.1
>>>>>>> michaels-questions
>>>>>>> 621d6b4d1fcf3ea47433e8a89429930b36417e69
